GEM
  remote: http://www.rubygems.org/
  specs:
    minitest (5.7.0)

PLATFORMS
  ruby

DEPENDENCIES
  minitest
